GEM
  remote: https://rubygems.org/
  specs:
    autoprefixer-rails (9.8.6.1)
      execjs
    execjs (2.7.0)
    ffi (1.13.1)
    material-sass (4.1.1)
      autoprefixer-rails (>= 6.0.3)
      sass (>= 3.5.2)
    rack (2.2.6.2)
    rb-fsevent (0.10.4)
    rb-inotify (0.10.1)
      ffi (~> 1.0)
    sass (3.7.4)
      sass-listen (~> 4.0.0)
    sass-listen (4.0.0)
      rb-fsevent (~> 0.9, >= 0.9.4)
      rb-inotify (~> 0.9, >= 0.9.7)

PLATFORMS
  ruby

DEPENDENCIES
  material-sass
  rack

BUNDLED WITH
   1.17.3
